GEM
  remote: https://rubygems.org/
  specs:
    debase (0.2.1)
      debase-ruby_core_source
    debase-ruby_core_source (0.9.1)
    mail (2.6.4)
      mime-types (>= 1.16, < 4)
    mime-types (3.1)
      mime-types-data (~> 3.2015)
    mime-types-data (3.2016.0521)
    rake (11.2.2)
    ruby-debug-ide (0.6.0)
      rake (>= 0.8.1)

PLATFORMS
  ruby

DEPENDENCIES
  debase
  mail
  ruby-debug-ide

BUNDLED WITH
   1.12.5
